GEM
  remote: https://rubygems.org/
  specs:
    yajl-ruby (1.3.1)

PLATFORMS
  ruby
  x86-mingw32

DEPENDENCIES
  yajl-ruby

BUNDLED WITH
   1.15.4
