GEM
  remote: https://rubygems.org/
  specs:
    yajl-ruby (1.2.0)

PLATFORMS
  x86-mingw32

DEPENDENCIES
  yajl-ruby
